{
	"Manufacturer": "Philips",
	"PatientPosition": "HFS",
	"SeriesDescription": "ImageMRSERIES",
	"ProtocolName": "fMRI_BodyMap",
	"SeriesNumber": 12,
	"AcquisitionNumber": 12,
	"ImageComments": "fMRI_PC",
	"PhilipsRescaleSlope": 1.84371,
	"PhilipsRescaleIntercept": 0,
	"PhilipsScaleSlope": 0.00457122,
	"UsePhilipsFloatNotDisplayScaling": 0,
	"EchoTime": 0.025,
	"RepetitionTime": 2.1,
	"ImageOrientationPatientDICOM": [
		1,
		0,
		0,
		0,
		1,
		0	],
	"ConversionSoftware": "dcm2niix",
	"ConversionSoftwareVersion": "v1.0.20211006"
}
