{
	"Manufacturer": "Philips",
	"PatientPosition": "HFS",
	"SeriesDescription": "ImageMRSERIES",
	"ProtocolName": "fMRI_BodyMap_AP",
	"SeriesNumber": 6,
	"AcquisitionNumber": 6,
	"ImageComments": "fMRI_PC",
	"PhilipsRescaleSlope": 1.71038,
	"PhilipsRescaleIntercept": 0,
	"PhilipsScaleSlope": 0.00479259,
	"UsePhilipsFloatNotDisplayScaling": 0,
	"EchoTime": 0.025,
	"RepetitionTime": 2.1,
	"PhaseEncodingDirection": "AP",
	"TotalReadoutTime": 0.051219508,
	"ImageOrientationPatientDICOM": [
		1,
		0,
		0,
		0,
		1,
		0	],
	"ConversionSoftware": "dcm2niix",
	"ConversionSoftwareVersion": "v1.0.20211006"
}
